GEM
  remote: http://rubygems.org/
  specs:
    newrelic_rpm (3.5.8.72)
    rack (1.5.2)
    rack-protection (1.5.0)
      rack
    sinatra (1.4.0)
      rack (~> 1.5, >= 1.5.2)
      rack-protection (~> 1.4)
      tilt (~> 1.3, >= 1.3.4)
    sinatra-flash (0.3.0)
      sinatra (>= 1.0.0)
    tilt (1.3.5)

PLATFORMS
  ruby

DEPENDENCIES
  newrelic_rpm
  sinatra (~> 1.4.0)
  sinatra-flash
